GEM
  remote: http://rubygems.org/
  specs:
    bacon (1.1.0)
    git (1.2.5)
    jeweler (1.5.2)
      bundler (~> 1.0.0)
      git (>= 1.2.5)
      rake
    rake (0.8.7)
    rb-readline (0.4.0)
    rcov (0.9.9)
    sfl (2.0)

PLATFORMS
  ruby

DEPENDENCIES
  bacon
  bundler (~> 1.0.0)
  jeweler (~> 1.5.2)
  rb-readline
  rcov
  sfl
